GEM
  remote: http://rubygems.org/
  specs:
    ruby (0.1.0)

PLATFORMS
  ruby

DEPENDENCIES
  ruby

BUNDLED WITH
   1.13.1
